GEM
  remote: https://rubygems.org/
  specs:
    array_include_methods (1.0.4)
    diff-lcs (1.4.4)
    docile (1.3.2)
    easily_typable (1.0.2)
    facets (3.1.0)
    glimmer (0.10.4)
      array_include_methods (>= 1.0.2, < 2.0.0)
      facets (>= 3.1.0, < 4.0.0)
    glimmer-dsl-tk (0.0.6)
      glimmer (~> 0.10.3)
      tk (~> 0.3.0)
    rake (13.0.3)
    rspec (3.5.0)
      rspec-core (~> 3.5.0)
      rspec-expectations (~> 3.5.0)
      rspec-mocks (~> 3.5.0)
    rspec-core (3.5.4)
      rspec-support (~> 3.5.0)
    rspec-expectations (3.5.0)
      diff-lcs (>= 1.2.0, < 2.0)
      rspec-support (~> 3.5.0)
    rspec-mocks (3.5.0)
      diff-lcs (>= 1.2.0, < 2.0)
      rspec-support (~> 3.5.0)
    rspec-support (3.5.0)
    simplecov (0.19.0)
      docile (~> 1.1)
      simplecov-html (~> 0.11)
    simplecov-html (0.12.3)
    tk (0.3.0)

PLATFORMS
  java
  ruby
  universal-java-11

DEPENDENCIES
  easily_typable (~> 1.0.2)
  glimmer-dsl-tk (~> 0.0.6)
  rake
  rspec (~> 3.5.0)
  simplecov

BUNDLED WITH
   2.2.14
